PATH
  remote: .
  specs:
    rocketvalidator (0.1.0)
      json_api_client (~> 1.16, >= 1.16.1)

GEM
  remote: https://rubygems.org/
  specs:
    activemodel (6.0.2.2)
      activesupport (= 6.0.2.2)
    activesupport (6.0.2.2)
      concurrent-ruby (~> 1.0, >= 1.0.2)
      i18n (>= 0.7, < 2)
      minitest (~> 5.1)
      tzinfo (~> 1.1)
      zeitwerk (~> 2.2)
    addressable (2.7.0)
      public_suffix (>= 2.0.2, < 5.0)
    concurrent-ruby (1.1.6)
    faraday (0.17.3)
      multipart-post (>= 1.2, < 3)
    faraday_middleware (0.14.0)
      faraday (>= 0.7.4, < 1.0)
    i18n (1.8.2)
      concurrent-ruby (~> 1.0)
    json_api_client (1.16.1)
      activemodel (>= 3.2.0)
      activesupport (>= 3.2.0)
      addressable (~> 2.2)
      faraday (~> 0.15, >= 0.15.2)
      faraday_middleware (~> 0.9)
      rack (>= 0.2)
    minitest (5.14.0)
    multipart-post (2.1.1)
    public_suffix (4.0.4)
    rack (2.2.2)
    rake (12.3.3)
    thread_safe (0.3.6)
    tzinfo (1.2.7)
      thread_safe (~> 0.1)
    zeitwerk (2.3.0)

PLATFORMS
  ruby

DEPENDENCIES
  rake (~> 12.0)
  rocketvalidator!

BUNDLED WITH
   2.1.4
